NUGET
  remote: https://www.nuget.org/api/v2
    bison-win32 (2.4.1.1)
