NUGET
  remote: https://www.nuget.org/api/v2
    bison-win32 (2.4.1.1)
    FAKE (4.64.4)
